PATH
  remote: ..
  specs:
    dhash-vips (0.1.0.0)
      ruby-vips (~> 2.0.16)

GEM
  remote: https://rubygems.org/
  specs:
    byebug (11.0.1)
    dhash (0.0.2)
      rmagick
    ffi (1.11.3)
    get_process_mem (0.2.5)
      ffi (~> 1.0)
    minitest (5.13.0)
    mll (2.6.4)
    phamilie (0.1.0)
    rake (13.0.1)
    rmagick (2.16.0)
    ruby-vips (2.0.16)
      ffi (~> 1.9)

PLATFORMS
  ruby

DEPENDENCIES
  byebug
  dhash
  dhash-vips!
  get_process_mem
  minitest
  mll
  phamilie
  rake
  rmagick (~> 2.16)

BUNDLED WITH
   2.0.2
